GEM
  specs:
    grocer (0.6.0)

PLATFORMS
  ruby

DEPENDENCIES
  grocer
